GEM
  remote: https://rubygems.org/
  specs:
    ruby-macho (2.4.0)
    slop (4.8.2)

PLATFORMS
  ruby

DEPENDENCIES
  ruby-macho
  slop (~> 4.8)

BUNDLED WITH
   1.14.4
