GEM
  remote: https://rubygems.org/
  specs:
    ruby-macho (3.0.0)
    slop (4.10.1)

PLATFORMS
  ruby

DEPENDENCIES
  ruby-macho
  slop (~> 4.10)

BUNDLED WITH
   1.14.4
