GEM
  remote: https://rubygems.org/
  specs:
    ruby-macho (2.2.0)
    slop (4.7.0)

PLATFORMS
  ruby

DEPENDENCIES
  ruby-macho
  slop (~> 4.7)

BUNDLED WITH
   1.14.4
