GEM
  remote: https://rubygems.org/
  specs:
    ruby-macho (3.0.0)
    slop (4.9.2)

PLATFORMS
  ruby

DEPENDENCIES
  ruby-macho
  slop (~> 4.9)

BUNDLED WITH
   1.14.4
